PATH
  remote: .
  specs:
    popular_manga (0.1.0)
      nokogiri (= 1.10.8)

GEM
  remote: https://rubygems.org/
  specs:
    coderay (1.1.2)
    method_source (1.0.0)
    mini_portile2 (2.4.0)
    nokogiri (1.10.8)
      mini_portile2 (~> 2.4.0)
    pry (0.13.1)
      coderay (~> 1.1)
      method_source (~> 1.0)
    rake (10.5.0)

PLATFORMS
  ruby

DEPENDENCIES
  bundler (~> 2.0)
  popular_manga!
  pry
  rake (~> 10.0)

BUNDLED WITH
   2.0.1
